GEM
  remote: http://rubygems.org/
  specs:
    addressable (2.0.2)
    aruba (0.3.6)
      childprocess (>= 0.1.7)
      cucumber (>= 0.10.0)
      rspec (>= 2.5.0)
    builder (3.0.0)
    childprocess (0.1.9)
      ffi (~> 1.0.6)
    cucumber (1.0.0)
      builder (>= 2.1.2)
      diff-lcs (>= 1.1.2)
      gherkin (~> 2.4.1)
      json (>= 1.4.6)
      term-ansicolor (>= 1.0.5)
    data_objects (0.9.11)
      addressable (~> 2.0)
      extlib (~> 0.9.9)
    diff-lcs (1.1.2)
    dm-core (0.9.11)
      addressable (~> 2.0.2)
      data_objects (~> 0.9.11)
      extlib (~> 0.9.11)
    dm-validations (0.9.11)
      dm-core (= 0.9.11)
    do_sqlite3 (0.9.11)
      data_objects (= 0.9.11)
    extlib (0.9.15)
    fastercsv (1.5.0)
    ffi (1.0.9)
    gherkin (2.4.1)
      json (>= 1.4.6)
    json (1.5.3)
    nokogiri (1.2.2)
    rspec (2.6.0)
      rspec-core (~> 2.6.0)
      rspec-expectations (~> 2.6.0)
      rspec-mocks (~> 2.6.0)
    rspec-core (2.6.4)
    rspec-expectations (2.6.0)
      diff-lcs (~> 1.1.2)
    rspec-mocks (2.6.0)
    rubyzip (0.9.1)
    term-ansicolor (1.0.5)
    yajl-ruby (0.6.4)
    ym4r (0.6.1)

PLATFORMS
  ruby

DEPENDENCIES
  aruba
  cucumber
  data_objects (= 0.9.11)
  dm-core (= 0.9.11)
  dm-validations (= 0.9.11)
  do_sqlite3 (= 0.9.11)
  fastercsv (= 1.5.0)
  nokogiri (= 1.2.2)
  rubyzip (= 0.9.1)
  yajl-ruby (= 0.6.4)
  ym4r (= 0.6.1)
